PATH
  remote: .
  specs:
    safe-pg-migrations (2.1.0)
      activerecord (>= 6.0)
      activesupport (>= 6.0)

GEM
  remote: https://rubygems.org/
  specs:
    activemodel (7.0.5.1)
      activesupport (= 7.0.5.1)
    activerecord (7.0.5.1)
      activemodel (= 7.0.5.1)
      activesupport (= 7.0.5.1)
    activesupport (7.0.5.1)
      concurrent-ruby (~> 1.0, >= 1.0.2)
      i18n (>= 1.6, < 2)
      minitest (>= 5.1)
      tzinfo (~> 2.0)
    ast (2.4.2)
    coderay (1.1.3)
    concurrent-ruby (1.2.2)
    coolline (0.5.0)
      unicode_utils (~> 1.4)
    i18n (1.14.1)
      concurrent-ruby (~> 1.0)
    json (2.6.3)
    language_server-protocol (3.17.0.3)
    method_source (1.0.0)
    minitest (5.18.1)
    mocha (2.0.4)
      ruby2_keywords (>= 0.0.5)
    parallel (1.23.0)
    parser (3.2.2.3)
      ast (~> 2.4.1)
      racc
    pg (1.5.3)
    pry (0.14.2)
      coderay (~> 1.1)
      method_source (~> 1.0)
    pry-coolline (0.2.6)
      coolline (~> 0.5)
      pry (~> 0.13)
    racc (1.7.1)
    rainbow (3.1.1)
    rake (13.0.6)
    regexp_parser (2.8.1)
    rexml (3.2.5)
    rubocop (1.53.1)
      json (~> 2.3)
      language_server-protocol (>= 3.17.0)
      parallel (~> 1.10)
      parser (>= 3.2.2.3)
      rainbow (>= 2.2.2, < 4.0)
      regexp_parser (>= 1.8, < 3.0)
      rexml (>= 3.2.5, < 4.0)
      rubocop-ast (>= 1.28.0, < 2.0)
      ruby-progressbar (~> 1.7)
      unicode-display_width (>= 2.4.0, < 3.0)
    rubocop-ast (1.29.0)
      parser (>= 3.2.1.0)
    ruby-progressbar (1.13.0)
    ruby2_keywords (0.0.5)
    strong_migrations (1.4.3)
      activerecord (>= 5.2)
    tzinfo (2.0.6)
      concurrent-ruby (~> 1.0)
    unicode-display_width (2.4.2)
    unicode_utils (1.4.0)

PLATFORMS
  ruby

DEPENDENCIES
  minitest (>= 5)
  mocha
  pg
  pry
  pry-coolline
  rake
  rubocop
  safe-pg-migrations!
  strong_migrations

BUNDLED WITH
   2.2.16
